GEM
  remote: http://rubygems.org/
  specs:
    clockwork (0.4.0)
      tzinfo
    foreman (0.43.0)
      thor (>= 0.13.6)
    httparty (0.8.3)
      multi_json (~> 1.0)
      multi_xml
    multi_json (1.3.6)
    multi_xml (0.5.1)
    thor (0.14.6)
    tzinfo (0.3.33)

PLATFORMS
  ruby

DEPENDENCIES
  clockwork
  foreman
  httparty
